GEM
  remote: https://rubygems.org/
  specs:
    haml (3.1.6)
    rack (1.6.12)
    rack-protection (1.2.0)
      rack
    serialport (1.1.0)
    sinatra (1.3.2)
      rack (~> 1.3, >= 1.3.6)
      rack-protection (~> 1.2)
      tilt (~> 1.3, >= 1.3.3)
    tilt (1.3.3)

PLATFORMS
  ruby

DEPENDENCIES
  haml
  serialport
  sinatra
